GEM
  remote: https://rubygems.org/
  specs:
    addressable (2.6.0)
      public_suffix (>= 2.0.2, < 4.0)
    buftok (0.2.0)
    domain_name (0.5.20190701)
      unf (>= 0.0.5, < 1.0.0)
    equalizer (0.0.11)
    ffi (1.11.1)
    ffi (1.11.1-x86-mingw32)
    get_process_mem (0.2.4)
      ffi (~> 1.0)
    http (3.3.0)
      addressable (~> 2.3)
      http-cookie (~> 1.0)
      http-form_data (~> 2.0)
      http_parser.rb (~> 0.6.0)
    http-cookie (1.0.3)
      domain_name (~> 0.5)
    http-form_data (2.1.1)
    http_parser.rb (0.6.0)
    jemalloc (1.0.1)
    jsmin (1.0.1)
    kgio (2.11.2)
    memoizable (0.4.2)
      thread_safe (~> 0.3, >= 0.3.1)
    mini_portile2 (2.4.0)
    multipart-post (2.1.1)
    naught (1.1.0)
    newrelic_rpm (3.5.8.72)
    nokogiri (1.10.10)
      mini_portile2 (~> 2.4.0)
    nokogiri (1.10.10-x86-mingw32)
      mini_portile2 (~> 2.4.0)
    power_assert (1.1.5)
    public_suffix (3.1.1)
    rack (1.6.12)
    rack-protection (1.5.5)
      rack
    rack-test (1.1.0)
      rack (>= 1.0, < 3)
    raindrops (0.19.0)
    rake (12.3.3)
    redcarpet (3.5.0)
    redis (4.1.2)
    shotgun (0.9.2)
      rack (>= 1.0)
    simple_oauth (0.3.1)
    sinatra (1.4.8)
      rack (~> 1.5)
      rack-protection (~> 1.4)
      tilt (>= 1.3, < 3)
    sinatra-assetpack (0.3.5)
      jsmin
      rack-test
      sinatra
      tilt (>= 1.3.0, < 2.0)
    slugify (1.0.7)
    test-unit (3.3.3)
      power_assert
    thread_safe (0.3.6)
    tilt (1.4.1)
    twitter (6.2.0)
      addressable (~> 2.3)
      buftok (~> 0.2.0)
      equalizer (~> 0.0.11)
      http (~> 3.0)
      http-form_data (~> 2.0)
      http_parser.rb (~> 0.6.0)
      memoizable (~> 0.4.0)
      multipart-post (~> 2.0)
      naught (~> 1.0)
      simple_oauth (~> 0.3.0)
    unf (0.1.4)
      unf_ext
    unf_ext (0.0.7.6)
    unicorn (5.4.1)
      kgio (~> 2.6)
      raindrops (~> 0.7)
    unicorn-worker-killer (0.4.4)
      get_process_mem (~> 0)
      unicorn (>= 4, < 6)
    yui-compressor (0.12.0)

PLATFORMS
  ruby
  x86-mingw32

DEPENDENCIES
  jemalloc (~> 1.0.1)
  newrelic_rpm (~> 3.5.4)
  nokogiri
  rake
  redcarpet
  redis
  shotgun (~> 0.9)
  sinatra (= 1.4.8)
  sinatra-assetpack (= 0.3.5)
  slugify
  test-unit
  twitter
  unicorn (~> 5.4.0)
  unicorn-worker-killer (~> 0.4.4)
  yui-compressor

RUBY VERSION
   ruby 2.6.3p62

BUNDLED WITH
   1.17.2
